GEM
  remote: https://rubygems.org/
  specs:
    actionmailer (4.2.0.beta2)
      actionpack (= 4.2.0.beta2)
      actionview (= 4.2.0.beta2)
      activejob (= 4.2.0.beta2)
      mail (~> 2.5, >= 2.5.4)
      rails-dom-testing (~> 1.0, >= 1.0.3)
    actionpack (4.2.0.beta2)
      actionview (= 4.2.0.beta2)
      activesupport (= 4.2.0.beta2)
      rack (~> 1.6.0.beta)
      rack-test (~> 0.6.2)
      rails-dom-testing (~> 1.0, >= 1.0.3)
      rails-html-sanitizer (~> 1.0, >= 1.0.1)
    actionview (4.2.0.beta2)
      activesupport (= 4.2.0.beta2)
      builder (~> 3.1)
      erubis (~> 2.7.0)
      rails-dom-testing (~> 1.0, >= 1.0.3)
      rails-html-sanitizer (~> 1.0, >= 1.0.1)
    activejob (4.2.0.beta2)
      activesupport (= 4.2.0.beta2)
      globalid (>= 0.3.0)
    activemodel (4.2.0.beta2)
      activesupport (= 4.2.0.beta2)
      builder (~> 3.1)
    activerecord (4.2.0.beta2)
      activemodel (= 4.2.0.beta2)
      activesupport (= 4.2.0.beta2)
      arel (>= 6.0.0.beta1, < 6.1)
    activesupport (4.2.0.beta2)
      i18n (>= 0.7.0.beta1, < 0.8)
      json (~> 1.7, >= 1.7.7)
      minitest (~> 5.1)
      thread_safe (~> 0.1)
      tzinfo (~> 1.1)
    arel (6.0.4)
    builder (3.2.3)
    concurrent-ruby (1.0.5)
    crass (1.0.3)
    dotenv (2.2.1)
    dotenv-rails (2.2.1)
      dotenv (= 2.2.1)
      railties (>= 3.2, < 5.2)
    erubis (2.7.0)
    eventmachine (1.2.5)
    faraday (0.12.2)
      multipart-post (>= 1.2, < 3)
    faraday_middleware (0.10.1)
      faraday (>= 0.7.4, < 1.0)
    faye-websocket (0.10.7)
      eventmachine (>= 0.12.0)
      websocket-driver (>= 0.5.1)
    globalid (0.3.7)
      activesupport (>= 4.1.0)
    haml (5.0.4)
      temple (>= 0.8.0)
      tilt
    hashie (3.5.7)
    high_voltage (2.2.1)
    i18n (0.7.0)
    jquery-rails (4.0.1)
      rails-dom-testing (~> 1.0)
      railties (>= 4.2.0.beta)
      thor (>= 0.14, < 2.0)
    json (1.8.6)
    jwt (1.5.6)
    loofah (2.2.0)
      crass (~> 1.0.2)
      nokogiri (>= 1.5.9)
    mail (2.7.0)
      mini_mime (>= 0.1.1)
    mini_mime (1.0.0)
    mini_portile2 (2.3.0)
    minitest (5.11.3)
    multi_json (1.13.1)
    multi_xml (0.6.0)
    multipart-post (2.0.0)
    mysql2 (0.4.10)
    nokogiri (1.8.2)
      mini_portile2 (~> 2.3.0)
    oauth2 (1.4.0)
      faraday (>= 0.8, < 0.13)
      jwt (~> 1.0)
      multi_json (~> 1.3)
      multi_xml (~> 0.5)
      rack (>= 1.2, < 3)
    omniauth (1.8.1)
      hashie (>= 3.4.6, < 3.6.0)
      rack (>= 1.6.2, < 3)
    omniauth-oauth2 (1.3.1)
      oauth2 (~> 1.0)
      omniauth (~> 1.2)
    omniauth-slack (2.3.0)
      omniauth-oauth2 (~> 1.3.1)
    rack (1.6.9)
    rack-test (0.6.3)
      rack (>= 1.0)
    rails (4.2.0.beta2)
      actionmailer (= 4.2.0.beta2)
      actionpack (= 4.2.0.beta2)
      actionview (= 4.2.0.beta2)
      activejob (= 4.2.0.beta2)
      activemodel (= 4.2.0.beta2)
      activerecord (= 4.2.0.beta2)
      activesupport (= 4.2.0.beta2)
      bundler (>= 1.3.0, < 2.0)
      railties (= 4.2.0.beta2)
      sprockets-rails (~> 3.0.0.beta1)
    rails-deprecated_sanitizer (1.0.3)
      activesupport (>= 4.2.0.alpha)
    rails-dom-testing (1.0.8)
      activesupport (>= 4.2.0.beta, < 5.0)
      nokogiri (~> 1.6)
      rails-deprecated_sanitizer (>= 1.0.1)
    rails-html-sanitizer (1.0.3)
      loofah (~> 2.0)
    railties (4.2.0.beta2)
      actionpack (= 4.2.0.beta2)
      activesupport (= 4.2.0.beta2)
      rake (>= 0.8.7)
      thor (>= 0.18.1, < 2.0)
    rake (12.3.0)
    slack-api (1.6.1)
      faraday (~> 0.11)
      faraday_middleware (~> 0.10.0)
      faye-websocket (~> 0.10.6)
      multi_json (~> 1.0, >= 1.0.3)
    spring (1.7.2)
    sprockets (3.7.1)
      concurrent-ruby (~> 1.0)
      rack (> 1, < 3)
    sprockets-rails (3.0.4)
      actionpack (>= 4.0)
      activesupport (>= 4.0)
      sprockets (>= 3.0.0)
    sqlite3 (1.3.13)
    temple (0.8.0)
    thor (0.20.0)
    thread_safe (0.3.6)
    tilt (2.0.8)
    tzinfo (1.2.5)
      thread_safe (~> 0.1)
    websocket-driver (0.7.0)
      websocket-extensions (>= 0.1.0)
    websocket-extensions (0.1.3)

PLATFORMS
  ruby

DEPENDENCIES
  dotenv-rails
  haml
  high_voltage (~> 2.2.1)
  jquery-rails
  mysql2
  omniauth-slack
  rails (= 4.2.0.beta2)
  slack-api
  spring
  sqlite3

BUNDLED WITH
   1.16.1
